PATH
  remote: .
  specs:
    dockyard (0.0.1)

GEM
  remote: https://rubygems.org/
  specs:
    anywhere (0.0.1)
      colorize
      net-ssh
      pry
    coderay (1.0.9)
    colorize (0.5.8)
    diff-lcs (1.2.4)
    method_source (0.8.1)
    net-ssh (2.6.7)
    pry (0.9.12.2)
      coderay (~> 1.0.5)
      method_source (~> 0.8)
      slop (~> 3.4)
    rake (10.0.4)
    rspec (2.13.0)
      rspec-core (~> 2.13.0)
      rspec-expectations (~> 2.13.0)
      rspec-mocks (~> 2.13.0)
    rspec-core (2.13.1)
    rspec-expectations (2.13.0)
      diff-lcs (>= 1.1.3, < 2.0)
    rspec-mocks (2.13.1)
    slop (3.4.5)

PLATFORMS
  ruby

DEPENDENCIES
  anywhere
  bundler (~> 1.3)
  dockyard!
  rake
  rspec
